PATH
  remote: .
  specs:
    page_stack (1.0.3)
      remotipart

GEM
  remote: https://rubygems.org/
  specs:
    remotipart (1.2.1)

PLATFORMS
  ruby

DEPENDENCIES
  page_stack!

BUNDLED WITH
   1.12.5
